GEM
  remote: https://rubygems.org/
  specs:
    dotenv (2.8.1)
    perfect_toml (0.9.0)

PLATFORMS
  x64-mingw-ucrt

DEPENDENCIES
  dotenv (~> 2.8.1)
  perfect_toml (~> 0.9.0)

BUNDLED WITH
   2.5.16
